GEM
  remote: https://rubygems.org/
  specs:
    artifactory (2.8.2)
    kitchen-ansible (0.47.5)
      net-ssh (>= 3)
      test-kitchen (~> 1.4)
    kitchen-docker (2.6.0)
      test-kitchen (>= 1.0.0)
    kitchen-verifier-serverspec (0.6.9)
      net-ssh (>= 3)
      test-kitchen (~> 1.4)
    mixlib-install (2.1.12)
      artifactory
      mixlib-shellout
      mixlib-versioning
      thor
    mixlib-shellout (2.3.2)
    mixlib-versioning (1.2.2)
    net-scp (1.2.1)
      net-ssh (>= 2.6.5)
    net-ssh (4.2.0)
    net-ssh-gateway (1.3.0)
      net-ssh (>= 2.6.5)
    safe_yaml (1.0.4)
    test-kitchen (1.17.0)
      mixlib-install (>= 1.2, < 3.0)
      mixlib-shellout (>= 1.2, < 3.0)
      net-scp (~> 1.1)
      net-ssh (>= 2.9, < 5.0)
      net-ssh-gateway (~> 1.2)
      safe_yaml (~> 1.0)
      thor (~> 0.19, < 0.19.2)
    thor (0.19.1)

PLATFORMS
  ruby

DEPENDENCIES
  kitchen-ansible
  kitchen-docker
  kitchen-verifier-serverspec
  test-kitchen (~> 1.17.0)

BUNDLED WITH
   1.15.4
